GEM
  remote: https://rubygems.org/
  specs:
    addressable (2.3.6)
    backports (3.6.3)
    bitballoon (0.1.6)
      highline
      oauth2 (>= 0.9.2)
      slop
    builder (3.2.2)
    celluloid (0.16.0)
      timers (~> 4.0.0)
    chronic (0.10.2)
    codeclimate-test-reporter (0.4.1)
      simplecov (>= 0.7.1, < 1.0.0)
    coderay (1.1.0)
    daemons (1.1.9)
    descendants_tracker (0.0.4)
      thread_safe (~> 0.3, >= 0.3.1)
    diff-lcs (1.2.5)
    docile (1.1.5)
    dotenv (0.11.1)
      dotenv-deployment (~> 0.0.2)
    dotenv-deployment (0.0.2)
    em-websocket (0.3.8)
      addressable (>= 2.1.1)
      eventmachine (>= 0.12.9)
    ethon (0.7.1)
      ffi (>= 1.3.0)
    eventmachine (1.0.3)
    excon (0.40.0)
    factor-connector-api (0.0.13)
      celluloid (~> 0.16.0)
    factor-connector-bitballoon (0.0.1)
      bitballoon (~> 0.1.6)
      factor-connector-api (~> 0.0.1)
    factor-connector-ftp (0.0.2)
      factor-connector-api (~> 0.0.1)
      net-sftp (= 2.1.2)
    factor-connector-github (0.0.2)
      factor-connector-api (~> 0.0.1)
      github_api (~> 0.11.3)
    factor-connector-heroku (0.0.5)
      factor-connector-api (~> 0.0.3b)
      heroku-anvil-factor (= 0.15.1)
      heroku-api (= 0.3.19)
      json (= 1.8.1)
      rest-client (~> 1.7.2)
      rubyzip (~> 1.1.6)
    factor-connector-hipchat (0.0.1)
      factor-connector-api (~> 0.0.1)
      httparty (= 0.12.0)
    factor-connector-newrelic (0.0.3)
      chronic (~> 0.10.2)
      factor-connector-api (~> 0.0.13)
      newrelic-metrics (~> 0.0.4)
    factor-connector-pushover (0.0.3)
      factor-connector-api (~> 0.0.3)
      rest-client (~> 1.7.2)
    factor-connector-rackspace (0.0.3)
      factor-connector-api (~> 0.0.3)
      fog (~> 1.23.0)
    factor-connector-slack (0.0.3)
      factor-connector-api (~> 0.0.13)
      rest_client (~> 1.7.3)
    factor-connector-ssh (0.0.3)
      factor-connector-api (~> 0.0.1)
      net-scp (= 1.1.2)
      net-sftp (= 2.1.2)
      net-ssh (= 2.7.0)
      sshkey (= 1.6.0)
    factor-connector-timer (0.0.1)
      factor-connector-api (~> 0.0.1)
      rufus-scheduler (~> 3.0.9)
    factor-connector-travis (0.0.2)
      factor-connector-api (~> 0.0.1)
      travis (= 1.7.2)
    factor-connector-trello (0.0.2)
      factor-connector-api (~> 0.0.13)
    factor-connector-web (0.0.2)
      factor-connector-api (~> 0.0.3)
      rest-client (~> 1.7.2)
    faraday (0.9.0)
      multipart-post (>= 1.2, < 3)
    faraday_middleware (0.9.1)
      faraday (>= 0.7.4, < 0.10)
    faye-websocket (0.7.5)
      eventmachine (>= 0.12.0)
      websocket-driver (>= 0.3.5)
    ffi (1.9.6)
    fog (1.23.0)
      fog-brightbox
      fog-core (~> 1.23)
      fog-json
      fog-softlayer
      ipaddress (~> 0.5)
      nokogiri (~> 1.5, >= 1.5.11)
    fog-brightbox (0.5.1)
      fog-core (~> 1.22)
      fog-json
      inflecto
    fog-core (1.24.0)
      builder
      excon (~> 0.38)
      formatador (~> 0.2)
      mime-types
      net-scp (~> 1.1)
      net-ssh (>= 2.1.3)
    fog-json (1.0.0)
      multi_json (~> 1.0)
    fog-softlayer (0.3.20)
      fog-core
      fog-json
    foreman (0.75.0)
      dotenv (~> 0.11.1)
      thor (~> 0.19.1)
    formatador (0.2.5)
    gh (0.13.2)
      addressable
      backports
      faraday (~> 0.8)
      multi_json (~> 1.0)
      net-http-persistent (>= 2.7)
      net-http-pipeline
    github_api (0.11.3)
      addressable (~> 2.3)
      descendants_tracker (~> 0.0.1)
      faraday (~> 0.8, < 0.10)
      hashie (>= 1.2)
      multi_json (>= 1.7.5, < 2.0)
      nokogiri (~> 1.6.0)
      oauth2
    hashie (3.3.1)
    heroku-anvil-factor (0.15.1)
      progress (~> 2.4.0)
      rest-client (~> 1.7.2)
    heroku-api (0.3.19)
      excon (~> 0.38)
      multi_json (~> 1.8)
    highline (1.6.21)
    hitimes (1.2.2)
    httparty (0.12.0)
      json (~> 1.8)
      multi_xml (>= 0.5.2)
    inflecto (0.0.2)
    ipaddress (0.8.0)
    json (1.8.1)
    jwt (1.0.0)
    launchy (2.4.2)
      addressable (~> 2.3)
    method_source (0.8.2)
    mime-types (2.4.2)
    mini_portile (0.6.0)
    multi_json (1.10.1)
    multi_xml (0.5.5)
    multipart-post (2.0.0)
    net-http-persistent (2.9.4)
    net-http-pipeline (1.0.1)
    net-scp (1.1.2)
      net-ssh (>= 2.6.5)
    net-sftp (2.1.2)
      net-ssh (>= 2.6.5)
    net-ssh (2.7.0)
    netrc (0.7.9)
    newrelic-metrics (0.0.4)
      chronic (~> 0.10.2)
      json (~> 1.8.1)
      rest-client (~> 1.7.2)
    nokogiri (1.6.3.1)
      mini_portile (= 0.6.0)
    oauth2 (1.0.0)
      faraday (>= 0.8, < 0.10)
      jwt (~> 1.0)
      multi_json (~> 1.3)
      multi_xml (~> 0.5)
      rack (~> 1.2)
    predicated (0.2.6)
    progress (2.4.0)
    pry (0.9.12.6)
      coderay (~> 1.0)
      method_source (~> 0.8)
      slop (~> 3.4)
    pusher-client (0.6.0)
      json
      websocket (~> 1.0)
    rack (1.5.2)
    rack-protection (1.5.3)
      rack
    rack-test (0.6.2)
      rack (>= 1.0)
    rake (10.3.2)
    rest-client (1.7.2)
      mime-types (>= 1.16, < 3.0)
      netrc (~> 0.7)
    rest_client (1.7.3)
      netrc (~> 0.7.7)
    rspec (3.1.0)
      rspec-core (~> 3.1.0)
      rspec-expectations (~> 3.1.0)
      rspec-mocks (~> 3.1.0)
    rspec-core (3.1.7)
      rspec-support (~> 3.1.0)
    rspec-expectations (3.1.2)
      diff-lcs (>= 1.2.0, < 2.0)
      rspec-support (~> 3.1.0)
    rspec-mocks (3.1.3)
      rspec-support (~> 3.1.0)
    rspec-support (3.1.2)
    ruby2ruby (2.1.3)
      ruby_parser (~> 3.1)
      sexp_processor (~> 4.0)
    ruby_parser (3.6.3)
      sexp_processor (~> 4.1)
    rubyzip (1.1.6)
    rufus-scheduler (3.0.9)
      tzinfo
    sexp_processor (4.4.4)
    simplecov (0.9.1)
      docile (~> 1.1.0)
      multi_json (~> 1.0)
      simplecov-html (~> 0.8.0)
    simplecov-html (0.8.0)
    sinatra (1.4.5)
      rack (~> 1.4)
      rack-protection (~> 1.4)
      tilt (~> 1.3, >= 1.3.4)
    sinatra-contrib (1.4.2)
      backports (>= 2.0)
      multi_json
      rack-protection
      rack-test
      sinatra (~> 1.4.0)
      tilt (~> 1.3)
    sinatra-websocket (0.3.0)
      em-websocket (~> 0.3.6)
      eventmachine
      thin (>= 1.3.1)
    slop (3.6.0)
    sshkey (1.6.0)
    thin (1.6.3)
      daemons (~> 1.0, >= 1.0.9)
      eventmachine (~> 1.0)
      rack (~> 1.0)
    thor (0.19.1)
    thread_safe (0.3.4)
    tilt (1.4.1)
    timers (4.0.1)
      hitimes
    travis (1.7.2)
      addressable (~> 2.3)
      backports
      faraday (~> 0.9)
      faraday_middleware (~> 0.9, >= 0.9.1)
      gh (~> 0.13)
      highline (~> 1.6)
      launchy (~> 2.1)
      pry (~> 0.9, < 0.10)
      pusher-client (~> 0.4)
      typhoeus (~> 0.6, >= 0.6.8)
    typhoeus (0.6.9)
      ethon (>= 0.7.1)
    tzinfo (1.2.2)
      thread_safe (~> 0.1)
    websocket (1.2.1)
    websocket-driver (0.3.5)
    wrong (0.7.1)
      diff-lcs (~> 1.2.5)
      predicated (~> 0.2.6)
      ruby2ruby (>= 2.0.1)
      ruby_parser (>= 3.0.1)
      sexp_processor (>= 4.0)

PLATFORMS
  ruby

DEPENDENCIES
  codeclimate-test-reporter (~> 0.4.1)
  factor-connector-api (~> 0.0.13)
  factor-connector-bitballoon
  factor-connector-ftp
  factor-connector-github
  factor-connector-heroku
  factor-connector-hipchat
  factor-connector-newrelic
  factor-connector-pushover
  factor-connector-rackspace
  factor-connector-slack
  factor-connector-ssh
  factor-connector-timer
  factor-connector-travis
  factor-connector-trello
  factor-connector-web
  faye-websocket (~> 0.7.4)
  foreman (~> 0.75.0)
  multi_json (~> 1.10.1)
  rake (~> 10.3.2)
  rspec (~> 3.1.0)
  sinatra (~> 1.4.5)
  sinatra-contrib (~> 1.4.2)
  sinatra-websocket (~> 0.3.0)
  thin (~> 1.6.3)
  wrong (~> 0.7.1)
